GIT
  remote: https://github.com/everypolitician/close_old_pull_requests.git
  revision: ba2dc4ebe77e20fcc663d0adee30e808b1f1154c
  specs:
    close_old_pull_requests (0.1.0)
      octokit (~> 4.3)

GIT
  remote: https://github.com/everypolitician/everypolitician-dataview-terms.git
  revision: f2fc1dd7c8cc4cab65d4a8e1bca7e1790264f808
  specs:
    everypolitician-dataview-terms (0.0.1)
      everypolitician-popolo

GIT
  remote: https://github.com/everypolitician/everypolitician-popolo.git
  revision: 40dc460d8340df9ae78469b755ce73b4fd074ce3
  specs:
    everypolitician-popolo (0.8.0)
      require_all

GIT
  remote: https://github.com/everypolitician/everypolitician-pull_request.git
  revision: 14412a00c85bbc012c7d114afaa2531ab4ae3a1a
  specs:
    everypolitician-pull_request (0.4.0)
      activesupport
      everypolitician-popolo
      octokit
      require_all

GIT
  remote: https://github.com/everypolitician/everypolitician-ruby.git
  revision: 20582b1512358a0e8789ea289201e37ab5f085c2
  specs:
    everypolitician (0.20.0)
      everypolitician-popolo (>= 0.8.0)
      require_all

GIT
  remote: https://github.com/everypolitician/field_serializer.git
  revision: 07e89a97eebe4e85ec23f46e04c7e061ac0fe166
  specs:
    field_serializer (0.3.0)

GIT
  remote: https://github.com/everypolitician/twitter_username_extractor.git
  revision: cc0aebc0ac8724f2d32ffba8426489ca7b1d92dd
  specs:
    twitter_username_extractor (0.2.0)

GIT
  remote: https://github.com/everypolitician/wikisnakker.git
  revision: cc55a4f45290c8ad86dc3e2a41ea678e02e3dd94
  specs:
    wikisnakker (0.7.0)

GIT
  remote: https://github.com/tmtmtmtm/csv_to_popolo.git
  revision: 9550768212330ab209989a75d8479e341df6d796
  specs:
    csv_to_popolo (0.28.1)
      facebook_username_extractor
      json
      rcsv
      twitter_username_extractor

GEM
  remote: https://rubygems.org/
  specs:
    activesupport (5.0.0.1)
      concurrent-ruby (~> 1.0, >= 1.0.2)
      i18n (~> 0.7)
      minitest (~> 5.1)
      tzinfo (~> 1.1)
    addressable (2.5.0)
      public_suffix (~> 2.0, >= 2.0.2)
    ast (2.3.0)
    coderay (1.1.1)
    colorize (0.8.1)
    concurrent-ruby (1.0.2)
    crack (0.4.3)
      safe_yaml (~> 1.0.0)
    csvlint (0.3.2)
      activesupport
      addressable
      colorize
      escape_utils
      mime-types
      open_uri_redirections
      thor
      typhoeus
      uri_template
    deep_merge (1.1.1)
    domain_name (0.5.20160615)
      unf (>= 0.0.5, < 1.0.0)
    escape_utils (1.2.1)
    ethon (0.9.1)
      ffi (>= 1.3.0)
    facebook_username_extractor (0.2.0)
    faraday (0.11.0)
      multipart-post (>= 1.2, < 3)
    ffi (1.9.14)
    flog (4.4.0)
      path_expander (~> 1.0)
      ruby_parser (~> 3.1, > 3.1.0)
      sexp_processor (~> 4.4)
    fuzzy_match (2.1.0)
    hashdiff (0.3.0)
    http-cookie (1.0.2)
      domain_name (~> 0.5)
    i18n (0.7.0)
    json (2.0.3)
    json5 (0.0.1)
    method_source (0.8.2)
    mime-types (3.1)
      mime-types-data (~> 3.2015)
    mime-types-data (3.2016.0521)
    minitest (5.9.0)
    minitest-around (0.3.2)
      minitest (~> 5.0)
    multipart-post (2.0.0)
    netrc (0.11.0)
    octokit (4.6.2)
      sawyer (~> 0.8.0, >= 0.5.3)
    open_uri_redirections (0.2.1)
    parser (2.3.3.1)
      ast (~> 2.2)
    path_expander (1.0.0)
    powerpack (0.1.1)
    pry (0.10.4)
      coderay (~> 1.1.0)
      method_source (~> 0.8.1)
      slop (~> 3.4)
    public_suffix (2.0.5)
    rainbow (2.1.0)
    rake (11.2.2)
    rcsv (0.3.1)
    require_all (1.4.0)
    rest-client (2.0.0)
      http-cookie (>= 1.0.2, < 2.0)
      mime-types (>= 1.16, < 4.0)
      netrc (~> 0.8)
    rubocop (0.46.0)
      parser (>= 2.3.1.1, < 3.0)
      powerpack (~> 0.1)
      rainbow (>= 1.99.1, < 3.0)
      ruby-progressbar (~> 1.7)
      unicode-display_width (~> 1.0, >= 1.0.1)
    ruby-progressbar (1.8.1)
    ruby_parser (3.8.2)
      sexp_processor (~> 4.1)
    safe_yaml (1.0.4)
    sass (3.4.22)
    sawyer (0.8.1)
      addressable (>= 2.3.5, < 2.6)
      faraday (~> 0.8, < 1.0)
    sexp_processor (4.7.0)
    slop (3.6.0)
    thor (0.19.1)
    thread_safe (0.3.5)
    typhoeus (1.1.0)
      ethon (>= 0.9.0)
    tzinfo (1.2.2)
      thread_safe (~> 0.1)
    unf (0.1.4)
      unf_ext
    unf_ext (0.0.7.2)
    unicode-display_width (1.1.2)
    unicode_utils (1.4.0)
    uri_template (0.7.0)
    vcr (3.0.3)
    webmock (2.1.0)
      addressable (>= 2.3.6)
      crack (>= 0.3.2)
      hashdiff
    yajl-ruby (1.2.1)

PLATFORMS
  ruby

DEPENDENCIES
  close_old_pull_requests!
  colorize
  csv_to_popolo (~> 0.28.0)!
  csvlint
  deep_merge
  everypolitician!
  everypolitician-dataview-terms!
  everypolitician-popolo!
  everypolitician-pull_request!
  facebook_username_extractor (~> 0.2.0)
  field_serializer!
  flog
  fuzzy_match
  json
  json5
  minitest
  minitest-around
  pry
  rake
  rcsv
  require_all
  rest-client
  rubocop
  sass
  slop (~> 3.6.0)
  twitter_username_extractor!
  unicode_utils
  vcr
  webmock
  wikisnakker (~> 0.7.0)!
  yajl-ruby

BUNDLED WITH
   1.14.6
