GIT
  remote: git://github.com/tmtmtmtm/csv_to_popolo.git
  revision: b5985ec2708b94ed3aa95939494b37b7dc732b35
  specs:
    csv_to_popolo (0.13.0)
      json

GEM
  remote: https://rubygems.org/
  specs:
    coderay (1.1.0)
    colorize (0.7.7)
    excon (0.45.4)
    faraday (0.9.1)
      multipart-post (>= 1.2, < 3)
    faraday_middleware (0.10.0)
      faraday (>= 0.7.4, < 0.10)
    fuzzy_match (2.1.0)
    hashie (3.4.2)
    iso_country_codes (0.7.1)
    json (1.8.2)
    method_source (0.8.2)
    mini_portile (0.6.2)
    multipart-post (2.0.0)
    nokogiri (1.6.6.2)
      mini_portile (~> 0.6.0)
    pry (0.10.1)
      coderay (~> 1.1.0)
      method_source (~> 0.8.1)
      slop (~> 3.4)
    rake (10.4.2)
    roman-numerals (0.3.0)
    slop (3.6.0)
    wikidata-client (0.0.8)
      excon (~> 0.40)
      faraday (~> 0.9)
      faraday_middleware (~> 0.9)
      hashie (~> 3.3)
    yajl-ruby (1.2.1)

PLATFORMS
  ruby

DEPENDENCIES
  colorize
  csv_to_popolo (>= 0.13.0)!
  fuzzy_match
  iso_country_codes
  json
  nokogiri
  pry
  rake
  roman-numerals
  wikidata-client (~> 0.0.8)
  yajl-ruby
